GIT
  remote: https://github.com/randym/axlsx.git
  revision: c8ac844572b25fda358cc01d2104720c4c42f450
  specs:
    axlsx (2.1.0.pre)
      htmlentities (~> 4.3.4)
      mimemagic (~> 0.3)
      nokogiri (>= 1.6.6)
      rubyzip (>= 1.2.1)

GEM
  remote: https://rubygems.org/
  remote: https://rails-assets.org/
  specs:
    actioncable (5.0.5)
      actionpack (= 5.0.5)
      nio4r (>= 1.2, < 3.0)
      websocket-driver (~> 0.6.1)
    actionmailer (5.0.5)
      actionpack (= 5.0.5)
      actionview (= 5.0.5)
      activejob (= 5.0.5)
      mail (~> 2.5, >= 2.5.4)
      rails-dom-testing (~> 2.0)
    actionpack (5.0.5)
      actionview (= 5.0.5)
      activesupport (= 5.0.5)
      rack (~> 2.0)
      rack-test (~> 0.6.3)
      rails-dom-testing (~> 2.0)
      rails-html-sanitizer (~> 1.0, >= 1.0.2)
    actionview (5.0.5)
      activesupport (= 5.0.5)
      builder (~> 3.1)
      erubis (~> 2.7.0)
      rails-dom-testing (~> 2.0)
      rails-html-sanitizer (~> 1.0, >= 1.0.3)
    active_model_serializers (0.9.4)
      activemodel (>= 3.2)
    activejob (5.0.5)
      activesupport (= 5.0.5)
      globalid (>= 0.3.6)
    activemodel (5.0.5)
      activesupport (= 5.0.5)
    activerecord (5.0.5)
      activemodel (= 5.0.5)
      activesupport (= 5.0.5)
      arel (~> 7.0)
    activesupport (5.0.5)
      concurrent-ruby (~> 1.0, >= 1.0.2)
      i18n (~> 0.7)
      minitest (~> 5.1)
      tzinfo (~> 1.1)
    acts_as_commentable_with_threading (1.2.0)
      activerecord (>= 3.0)
      activesupport (>= 3.0)
      awesome_nested_set (>= 2.0)
    acts_as_list (0.9.7)
      activerecord (>= 3.0)
    addressable (2.5.1)
      public_suffix (~> 2.0, >= 2.0.2)
    ahoy_matey (1.6.0)
      addressable
      browser (~> 2.0)
      geocoder
      rack-attack (< 6)
      railties
      referer-parser (>= 0.3.0)
      request_store
      safely_block (>= 0.1.1)
      user_agent_parser
      uuidtools
    airbrake (7.1.1)
      airbrake-ruby (~> 2.5)
    airbrake-ruby (2.7.0)
    arel (7.1.4)
    ast (2.4.0)
    autoprefixer-rails (7.1.1)
      execjs
    awesome_nested_set (3.1.3)
      activerecord (>= 4.0.0, < 5.2)
    aws_cf_signer (0.1.3)
    axlsx_rails (0.2.0)
      axlsx (>= 2.0.1)
      rails (>= 3.1)
    bcrypt (3.1.12)
    binding_of_caller (0.7.2)
      debug_inspector (>= 0.0.1)
    bootstrap-sass (3.3.4.1)
      autoprefixer-rails (>= 5.0.0.1)
      sass (>= 3.2.19)
    bootstrap-switch-rails (3.0.2)
    bootstrap3-datetimepicker-rails (3.0.3)
      momentjs-rails (>= 2.8.1)
    browser (2.5.1)
    builder (3.2.3)
    byebug (9.0.6)
    cancancan (2.0.0)
    capybara (2.6.2)
      addressable
      mime-types (>= 1.16)
      nokogiri (>= 1.3.3)
      rack (>= 1.0.0)
      rack-test (>= 0.5.4)
      xpath (~> 2.0)
    carrierwave (0.11.0)
      activemodel (>= 3.2.0)
      activesupport (>= 3.2.0)
      json (>= 1.7)
      mime-types (>= 1.16)
    carrierwave-bombshelter (0.1.1.6)
      activesupport (>= 3.2.0)
      carrierwave
      fastimage
    chart-js-rails (0.0.6)
      railties (> 3.1)
    chronic (0.10.2)
    chunky_png (1.3.8)
    climate_control (0.2.0)
    cliver (0.3.2)
    cloudinary (1.1.6)
      aws_cf_signer
      rest-client
    cocoon (1.2.6)
    codecov (0.1.10)
      json
      simplecov
      url
    coderay (1.1.1)
    concurrent-ruby (1.0.5)
    countable-rails (0.0.1)
      railties (>= 3.1)
    countries (1.2.5)
      currencies (~> 0.4.2)
      i18n_data (~> 0.7.0)
    country_select (2.5.2)
      countries (~> 1.2.0)
      sort_alphabetical (~> 1.0)
    crack (0.4.3)
      safe_yaml (~> 1.0.0)
    crass (1.0.4)
    currencies (0.4.2)
    daemons (1.1.9)
    dalli (2.7.6)
    dante (0.2.0)
    database_cleaner (1.3.0)
    debug_inspector (0.0.3)
    delayed_job (4.1.4)
      activesupport (>= 3.0, < 5.2)
    delayed_job_active_record (4.1.2)
      activerecord (>= 3.0, < 5.2)
      delayed_job (>= 3.0, < 5)
    devise (4.4.3)
      bcrypt (~> 3.0)
      orm_adapter (~> 0.1)
      railties (>= 4.1.0, < 6.0)
      responders
      warden (~> 1.2.3)
    devise_ichain_authenticatable (0.3.1)
      devise (>= 2.2)
    diff-lcs (1.3)
    docile (1.3.0)
    domain_name (0.5.20180417)
      unf (>= 0.0.5, < 1.0.0)
    dotenv (2.2.1)
    dotenv-rails (2.2.1)
      dotenv (= 2.2.1)
      railties (>= 3.2, < 5.2)
    errbase (0.0.3)
    erubis (2.7.0)
    execjs (2.6.0)
    factory_girl (4.5.0)
      activesupport (>= 3.0.0)
    factory_girl_rails (4.6.0)
      factory_girl (~> 4.5.0)
      railties (>= 3.0.0)
    faker (1.6.1)
      i18n (~> 0.5)
    faraday (0.9.0)
      multipart-post (>= 1.2, < 3)
    fastimage (2.0.0)
      addressable (~> 2)
    feature (1.4.0)
    ffi (1.9.18)
    font-awesome-rails (4.7.0.2)
      railties (>= 3.2, < 5.2)
    formatador (0.2.5)
    formtastic (3.1.5)
      actionpack (>= 3.2.13)
    formtastic-bootstrap (3.1.1)
      formtastic (>= 3.0)
    geocoder (1.4.4)
    globalid (0.4.0)
      activesupport (>= 4.2.0)
    gravtastic (3.2.6)
    guard (2.14.1)
      formatador (>= 0.2.4)
      listen (>= 2.7, < 4.0)
      lumberjack (~> 1.0)
      nenv (~> 0.1)
      notiffany (~> 0.0)
      pry (>= 0.9.12)
      shellany (~> 0.0)
      thor (>= 0.18.1)
    guard-compat (1.2.1)
    guard-rspec (4.7.3)
      guard (~> 2.1)
      guard-compat (~> 1.1)
      rspec (>= 2.99.0, < 4.0)
    haml (4.0.5)
      tilt
    haml-rails (0.5.3)
      actionpack (>= 4.0.1)
      activesupport (>= 4.0.1)
      haml (>= 3.1, < 5.0)
      railties (>= 4.0.1)
    haml_lint (0.24.0)
      haml (>= 4.0, < 5.1)
      rainbow
      rake (>= 10, < 13)
      rubocop (>= 0.47.0)
      sysexits (~> 1.1)
    hashdiff (0.3.4)
    hashie (3.5.5)
    htmlentities (4.3.4)
    http-cookie (1.0.3)
      domain_name (~> 0.5)
    i18n (0.9.5)
      concurrent-ruby (~> 1.0)
    i18n_data (0.7.0)
    inversion (1.0.0)
      loggability (~> 0.12)
    iso-639 (0.2.5)
    jquery-datatables-rails (2.2.3)
      jquery-rails
      sass-rails
    jquery-rails (4.3.1)
      rails-dom-testing (>= 1, < 3)
      railties (>= 4.2.0)
      thor (>= 0.14, < 2.0)
    jquery-ui-rails (4.2.1)
      railties (>= 3.2.16)
    json (2.1.0)
    json-schema (2.5.0)
      addressable (~> 2.3)
    jwt (1.0.0)
    knapsack (1.16.0)
      rake
    launchy (2.4.2)
      addressable (~> 2.3)
    leaflet-rails (0.7.4)
    letter_opener (1.2.0)
      launchy (~> 2.2)
    letter_opener_web (1.3.0)
      actionmailer (>= 3.2)
      letter_opener (~> 1.0)
      railties (>= 3.2)
    listen (3.1.5)
      rb-fsevent (~> 0.9, >= 0.9.4)
      rb-inotify (~> 0.9, >= 0.9.7)
      ruby_dep (~> 1.2)
    loggability (0.14.0)
    loofah (2.2.2)
      crass (~> 1.0.2)
      nokogiri (>= 1.5.9)
    lumberjack (1.0.12)
    mail (2.6.6)
      mime-types (>= 1.16, < 4)
    method_source (0.8.2)
    mime-types (3.1)
      mime-types-data (~> 3.2015)
    mime-types-data (3.2016.0521)
    mimemagic (0.3.2)
    mina (0.3.8)
      open4 (~> 1.3.4)
      rake
    mini_magick (4.5.1)
    mini_portile2 (2.3.0)
    minitest (5.11.3)
    momentjs-rails (2.8.1)
      railties (>= 3.1)
    monetize (1.7.0)
      money (~> 6.9)
    money (6.10.1)
      i18n (>= 0.6.4, < 1.0)
    money-rails (1.10.0)
      activesupport (>= 3.0)
      monetize (~> 1.7.0)
      money (~> 6.10.0)
      railties (>= 3.0)
    multi_json (1.13.1)
    multi_xml (0.5.5)
    multipart-post (2.0.0)
    mysql2 (0.4.10)
    nenv (0.3.0)
    netrc (0.11.0)
    nio4r (2.1.0)
    nokogiri (1.8.2)
      mini_portile2 (~> 2.3.0)
    notiffany (0.1.1)
      nenv (~> 0.1)
      shellany (~> 0.0)
    oauth2 (1.3.1)
      faraday (>= 0.8, < 0.12)
      jwt (~> 1.0)
      multi_json (~> 1.3)
      multi_xml (~> 0.5)
      rack (>= 1.2, < 3)
    omniauth (1.6.1)
      hashie (>= 3.4.6, < 3.6.0)
      rack (>= 1.6.2, < 3)
    omniauth-facebook (1.6.0)
      omniauth-oauth2 (~> 1.1)
    omniauth-github (1.1.2)
      omniauth (~> 1.0)
      omniauth-oauth2 (~> 1.1)
    omniauth-google-oauth2 (0.2.4)
      omniauth (~> 1.0)
      omniauth-oauth2 (~> 1.1)
    omniauth-oauth2 (1.4.0)
      oauth2 (~> 1.0)
      omniauth (~> 1.2)
    omniauth-openid (1.0.1)
      omniauth (~> 1.0)
      rack-openid (~> 1.3.1)
    open4 (1.3.4)
    orm_adapter (0.5.0)
    paper_trail (9.0.0)
      activerecord (>= 4.2, < 5.3)
      request_store (~> 1.1)
    parallel (1.12.1)
    parser (2.5.1.0)
      ast (~> 2.4.0)
    pdf-core (0.2.5)
    phantomjs (2.1.1.0)
    piwik_analytics (1.0.2)
      actionpack
      activesupport
      rails (>= 3.0.0)
    poltergeist (1.9.0)
      capybara (~> 2.1)
      cliver (~> 0.3.1)
      multi_json (~> 1.0)
      websocket-driver (>= 0.2.0)
    powerpack (0.1.1)
    prawn (1.0.0)
      pdf-core (~> 0.2.2)
      ttfunk (~> 1.1.1)
    prawn-qrcode (0.2.2.1)
      prawn (>= 0.11.1)
      rqrcode (>= 0.4.1)
    prawn_rails (0.0.11)
      prawn (>= 0.11.1)
      railties (>= 3.0.0)
    pry (0.10.4)
      coderay (~> 1.1.0)
      method_source (~> 0.8.1)
      slop (~> 3.4)
    public_suffix (2.0.5)
    puma (3.10.0)
    rack (2.0.5)
    rack-attack (5.0.1)
      rack
    rack-openid (1.3.1)
      rack (>= 1.1.0)
      ruby-openid (>= 2.1.8)
    rack-test (0.6.3)
      rack (>= 1.0)
    rails (5.0.5)
      actioncable (= 5.0.5)
      actionmailer (= 5.0.5)
      actionpack (= 5.0.5)
      actionview (= 5.0.5)
      activejob (= 5.0.5)
      activemodel (= 5.0.5)
      activerecord (= 5.0.5)
      activesupport (= 5.0.5)
      bundler (>= 1.3.0)
      railties (= 5.0.5)
      sprockets-rails (>= 2.0.0)
    rails-assets-bootstrap (3.3.6)
      rails-assets-jquery (>= 1.9.1, < 3)
    rails-assets-bootstrap-markdown (2.10.0)
      rails-assets-bootstrap (~> 3)
    rails-assets-date.format (1.2.3)
    rails-assets-holderjs (2.9.3)
    rails-assets-jquery (2.2.1)
    rails-assets-jquery-smooth-scroll (1.7.2)
      rails-assets-jquery (>= 1.4.2)
    rails-assets-markdown (0.5.0)
    rails-assets-momentjs (2.11.2)
    rails-assets-spectrum (1.8.0)
      rails-assets-jquery (>= 1.7.2)
    rails-assets-tinycolor (1.3.0)
    rails-assets-to-markdown (1.3.0)
    rails-assets-trianglify (0.4.0)
    rails-assets-waypoints (4.0.0)
    rails-controller-testing (1.0.2)
      actionpack (~> 5.x, >= 5.0.1)
      actionview (~> 5.x, >= 5.0.1)
      activesupport (~> 5.x)
    rails-dom-testing (2.0.3)
      activesupport (>= 4.2.0)
      nokogiri (>= 1.6)
    rails-html-sanitizer (1.0.4)
      loofah (~> 2.2, >= 2.2.2)
    rails-i18n (5.0.4)
      i18n (~> 0.7)
      railties (~> 5.0)
    rails_12factor (0.0.3)
      rails_serve_static_assets
      rails_stdout_logging
    rails_serve_static_assets (0.0.4)
    rails_stdout_logging (0.0.3)
    railties (5.0.5)
      actionpack (= 5.0.5)
      activesupport (= 5.0.5)
      method_source
      rake (>= 0.8.7)
      thor (>= 0.18.1, < 2.0)
    rainbow (2.2.2)
      rake
    rake (12.3.1)
    rb-fsevent (0.10.2)
    rb-inotify (0.9.10)
      ffi (>= 0.5.0, < 2)
    rdoc (5.1.0)
    rdoc-generator-fivefish (0.3.0)
      inversion (~> 1.0)
      loggability (~> 0.12)
      rdoc (~> 5.0)
      yajl-ruby (~> 1.3)
    recaptcha (4.6.2)
      json
    redcarpet (3.2.3)
    referer-parser (0.3.0)
    request_store (1.4.1)
      rack (>= 1.4)
    responders (2.4.0)
      actionpack (>= 4.2.0, < 5.3)
      railties (>= 4.2.0, < 5.3)
    rest-client (2.0.2)
      http-cookie (>= 1.0.2, < 2.0)
      mime-types (>= 1.16, < 4.0)
      netrc (~> 0.8)
    rolify (5.1.0)
    rqrcode (0.10.1)
      chunky_png (~> 1.0)
    rspec (3.6.0)
      rspec-core (~> 3.6.0)
      rspec-expectations (~> 3.6.0)
      rspec-mocks (~> 3.6.0)
    rspec-activemodel-mocks (1.0.1)
      activemodel (>= 3.0)
      activesupport (>= 3.0)
      rspec-mocks (>= 2.99, < 4.0)
    rspec-core (3.6.0)
      rspec-support (~> 3.6.0)
    rspec-expectations (3.6.0)
      diff-lcs (>= 1.2.0, < 2.0)
      rspec-support (~> 3.6.0)
    rspec-mocks (3.6.0)
      diff-lcs (>= 1.2.0, < 2.0)
      rspec-support (~> 3.6.0)
    rspec-rails (3.6.0)
      actionpack (>= 3.0)
      activesupport (>= 3.0)
      railties (>= 3.0)
      rspec-core (~> 3.6.0)
      rspec-expectations (~> 3.6.0)
      rspec-mocks (~> 3.6.0)
      rspec-support (~> 3.6.0)
    rspec-support (3.6.0)
    rubocop (0.55.0)
      parallel (~> 1.10)
      parser (>= 2.5)
      powerpack (~> 0.1)
      rainbow (>= 2.2.2, < 4.0)
      ruby-progressbar (~> 1.7)
      unicode-display_width (~> 1.0, >= 1.0.1)
    ruby-oembed (0.12.0)
    ruby-openid (2.5.0)
    ruby-progressbar (1.9.0)
    ruby_dep (1.5.0)
    rubyzip (1.2.1)
    safe_yaml (1.0.4)
    safely_block (0.2.0)
      errbase
    sass (3.2.19)
    sass-rails (5.0.6)
      railties (>= 4.0.0, < 6)
      sass (~> 3.1)
      sprockets (>= 2.8, < 4.0)
      sprockets-rails (>= 2.0, < 4.0)
      tilt (>= 1.1, < 3)
    selectize-rails (0.12.4)
    shellany (0.0.1)
    shoulda-matchers (2.8.0)
      activesupport (>= 3.0.0)
    simplecov (0.16.1)
      docile (~> 1.1)
      json (>= 1.8, < 3)
      simplecov-html (~> 0.10.0)
    simplecov-html (0.10.2)
    skylight (1.5.1)
      activesupport (>= 3.0.0)
    slop (3.6.0)
    sort_alphabetical (1.0.2)
      unicode_utils (>= 1.2.2)
    spring (1.6.3)
    spring-commands-rspec (1.0.4)
      spring (>= 0.9.1)
    sprockets (3.7.2)
      concurrent-ruby (~> 1.0)
      rack (> 1, < 3)
    sprockets-rails (3.2.1)
      actionpack (>= 4.0)
      activesupport (>= 4.0)
      sprockets (>= 3.0.0)
    sqlite3 (1.3.9)
    stripe (3.3.2)
      faraday (~> 0.9)
    stripe-ruby-mock (2.5.4)
      dante (>= 0.2.0)
      multi_json (~> 1.0)
      stripe (>= 2.0.3)
    sysexits (1.2.0)
    thor (0.20.0)
    thread_safe (0.3.6)
    tilt (1.4.1)
    timecop (0.7.1)
    transitions (0.1.12)
    ttfunk (1.1.1)
    turbolinks (5.1.0)
      turbolinks-source (~> 5.1)
    turbolinks-source (5.1.0)
    tzinfo (1.2.5)
      thread_safe (~> 0.1)
    uglifier (3.0.0)
      execjs (>= 0.3.0, < 3)
    unf (0.1.4)
      unf_ext
    unf_ext (0.0.7.5)
    unicode-display_width (1.3.2)
    unicode_utils (1.4.0)
    unobtrusive_flash (3.1.0)
      railties
    url (0.3.2)
    user_agent_parser (2.4.0)
    uuidtools (2.1.5)
    warden (1.2.7)
      rack (>= 1.0)
    web-console (2.3.0)
      activemodel (>= 4.0)
      binding_of_caller (>= 0.7.2)
      railties (>= 4.0)
      sprockets-rails (>= 2.0, < 4.0)
    webmock (3.0.1)
      addressable (>= 2.3.6)
      crack (>= 0.3.2)
      hashdiff
    websocket-driver (0.6.3)
      websocket-extensions (>= 0.1.0)
    websocket-extensions (0.1.2)
    whenever (0.9.2)
      activesupport (>= 2.3.4)
      chronic (>= 0.6.3)
    xpath (2.0.0)
      nokogiri (~> 1.3)
    yajl-ruby (1.3.1)

PLATFORMS
  ruby

DEPENDENCIES
  active_model_serializers
  acts_as_commentable_with_threading
  acts_as_list
  ahoy_matey
  airbrake (~> 7.1)
  autoprefixer-rails
  awesome_nested_set (~> 3.1.3)
  axlsx!
  axlsx_rails
  bootstrap-sass (~> 3.3.4.1)
  bootstrap-switch-rails (~> 3.0.0)
  bootstrap3-datetimepicker-rails (~> 3.0.2)
  byebug
  cancancan (~> 2.0)
  capybara
  carrierwave
  carrierwave-bombshelter
  chart-js-rails
  climate_control
  cloudinary
  cocoon
  codecov
  countable-rails (~> 0.0.1)
  country_select
  daemons
  dalli
  database_cleaner
  delayed_job_active_record
  devise
  devise_ichain_authenticatable
  dotenv-rails
  factory_girl_rails
  faker
  feature
  font-awesome-rails
  formtastic (~> 3.1.5)
  formtastic-bootstrap
  gravtastic
  guard-rspec
  haml-rails
  haml_lint (~> 0.24.0)
  iso-639
  jquery-datatables-rails (~> 2.2.1)
  jquery-rails
  jquery-ui-rails (~> 4.2.1)
  json-schema
  knapsack
  leaflet-rails
  letter_opener
  letter_opener_web
  mina
  mini_magick
  money-rails
  mysql2
  nokogiri (>= 1.8.1)
  omniauth
  omniauth-facebook
  omniauth-github
  omniauth-google-oauth2
  omniauth-openid
  paper_trail
  phantomjs
  piwik_analytics (~> 1.0.1)
  poltergeist
  prawn-qrcode (~> 0.2.2.1)
  prawn_rails
  puma (~> 3.0)
  rails (~> 5.0.5)
  rails-assets-bootstrap-markdown!
  rails-assets-date.format!
  rails-assets-holderjs!
  rails-assets-jquery-smooth-scroll!
  rails-assets-markdown!
  rails-assets-momentjs!
  rails-assets-spectrum!
  rails-assets-tinycolor!
  rails-assets-to-markdown!
  rails-assets-trianglify!
  rails-assets-waypoints!
  rails-controller-testing
  rails-i18n (~> 5.0.0)
  rails_12factor
  rdoc-generator-fivefish
  recaptcha
  redcarpet
  responders (~> 2.0)
  rolify
  rqrcode
  rspec-activemodel-mocks
  rspec-rails (~> 3.5, >= 3.5.2)
  rubocop
  ruby-oembed (~> 0.12.0)
  sass-rails (>= 4.0.2)
  selectize-rails
  shoulda-matchers
  skylight
  spring-commands-rspec
  sprockets-rails
  sqlite3
  stripe
  stripe-ruby-mock
  thor (~> 0.19)
  timecop
  transitions
  turbolinks
  uglifier (>= 1.3.0)
  unobtrusive_flash (>= 3)
  web-console (~> 2.0)
  webmock
  whenever

BUNDLED WITH
   1.16.1
